PATH
  remote: ..
  specs:
    true (0.2.0.rc.4)
      sass (>= 3.3.0, < 3.5)

GEM
  remote: http://rubygems.org/
  specs:
    chunky_png (1.3.1)
    compass (1.0.0.alpha.20)
      chunky_png (~> 1.2)
      compass-core (~> 1.0.0.alpha.20)
      compass-import-once (~> 1.0.4)
      rb-fsevent (>= 0.9.3)
      rb-inotify (>= 0.9)
      sass (>= 3.3.0, < 3.5)
    compass-core (1.0.0.alpha.20)
      multi_json (~> 1.0)
      sass (>= 3.3.0, < 3.5)
    compass-import-once (1.0.4)
      sass (>= 3.2, < 3.5)
    ffi (1.9.3)
    multi_json (1.10.1)
    rb-fsevent (0.9.4)
    rb-inotify (0.9.5)
      ffi (>= 0.5.0)
    sass (3.3.10)

PLATFORMS
  ruby

DEPENDENCIES
  compass (~> 1.0.0.alpha.18)
  true!
